PATH
  remote: .
  specs:
    hexlet_code (0.1.0)

GEM
  remote: https://rubygems.org/
  specs:
    docile (1.4.1)
    minitest (5.25.4)
    rake (13.2.1)
    simplecov (0.22.0)
      docile (~> 1.1)
      simplecov-html (~> 0.11)
      simplecov_json_formatter (~> 0.1)
    simplecov-html (0.13.1)
    simplecov_json_formatter (0.1.4)

PLATFORMS
  aarch64-linux-android
  ruby

DEPENDENCIES
  hexlet_code!
  minitest (~> 5.16)
  rake (~> 13.0)
  simplecov

BUNDLED WITH
   2.6.1
