PATH
  remote: .
  specs:
    hexlet_code (0.1.0)

GEM
  remote: https://rubygems.org/
  specs:
    minitest (5.25.4)
    rake (13.2.1)

PLATFORMS
  aarch64-linux-android
  ruby

DEPENDENCIES
  hexlet_code!
  minitest (~> 5.16)
  rake (~> 13.0)

BUNDLED WITH
   2.6.1
